GIT
  remote: https://github.com/github0013/google_tts_plugin.git
  revision: f099beb7dde4d63e62d5ee7b43eb423cab5d3f6e
  specs:
    google_tts_plugin (0.0.2)
      activesupport (>= 3.0.10)
      adhearsion (~> 2.1)
      mechanize

GEM
  remote: https://rubygems.org/
  specs:
    activemodel (4.2.0)
      activesupport (= 4.2.0)
      builder (~> 3.1)
    activerecord (4.2.0)
      activemodel (= 4.2.0)
      activesupport (= 4.2.0)
      arel (~> 6.0)
    activesupport (4.2.0)
      i18n (~> 0.7)
      json (~> 1.7, >= 1.7.7)
      minitest (~> 5.1)
      thread_safe (~> 0.3, >= 0.3.4)
      tzinfo (~> 1.1)
    adhearsion (2.6.0)
      activesupport (>= 3.0.0, < 5.0.0)
      adhearsion-loquacious (~> 1.9)
      bundler (~> 1.0)
      celluloid (~> 0.14)
      countdownlatch
      deep_merge
      ffi (~> 1.0)
      girl_friday
      has-guarded-handlers (~> 1.6)
      logging (~> 1.8)
      pry
      punchblock (~> 2.6)
      rake
      ruby_speech (~> 2.0)
      thor (~> 0.18.0)
    adhearsion-activerecord (0.1.0)
      activerecord
      adhearsion (>= 2.0.0.alpha1)
    adhearsion-asr (1.2.0)
      adhearsion (~> 2.4)
      punchblock (~> 2.0)
      ruby_speech (~> 2.1)
    adhearsion-asterisk (1.5.1)
      adhearsion (~> 2.0)
    adhearsion-drb (1.1.1)
      adhearsion (~> 2.0)
      i18n (>= 0.5.0)
    adhearsion-loquacious (1.9.3)
    arel (6.0.0)
    axiom-types (0.1.1)
      descendants_tracker (~> 0.0.4)
      ice_nine (~> 0.11.0)
      thread_safe (~> 0.3, >= 0.3.1)
    blather (1.0.0)
      activesupport (>= 2.3.11)
      eventmachine (>= 1.0.0)
      girl_friday
      niceogiri (~> 1.0)
      nokogiri (~> 1.5, >= 1.5.6)
    builder (3.2.2)
    celluloid (0.15.2)
      timers (~> 1.1.0)
    celluloid-io (0.15.0)
      celluloid (>= 0.15.0)
      nio4r (>= 0.5.0)
    coderay (1.1.0)
    coercible (1.0.0)
      descendants_tracker (~> 0.0.1)
    connection_pool (1.2.0)
    countdownlatch (1.0.0)
    deep_merge (1.0.1)
    descendants_tracker (0.0.4)
      thread_safe (~> 0.3, >= 0.3.1)
    diff-lcs (1.2.5)
    domain_name (0.5.23)
      unf (>= 0.0.5, < 1.0.0)
    equalizer (0.0.9)
    eventmachine (1.0.6)
    ffi (1.9.6)
    future-resource (1.1.0)
    girl_friday (0.11.2)
      connection_pool (~> 1.0)
      rubinius-actor
    has-guarded-handlers (1.6.0)
    http (0.6.3)
      http_parser.rb (~> 0.6.0)
    http-cookie (1.0.2)
      domain_name (~> 0.5)
    http_parser.rb (0.6.0)
    i18n (0.7.0)
    ice_nine (0.11.1)
    json (1.8.2)
    little-plugger (1.1.3)
    logging (1.8.2)
      little-plugger (>= 1.1.3)
      multi_json (>= 1.8.4)
    mechanize (2.7.3)
      domain_name (~> 0.5, >= 0.5.1)
      http-cookie (~> 1.0)
      mime-types (~> 2.0)
      net-http-digest_auth (~> 1.1, >= 1.1.1)
      net-http-persistent (~> 2.5, >= 2.5.2)
      nokogiri (~> 1.4)
      ntlm-http (~> 0.1, >= 0.1.1)
      webrobots (>= 0.0.9, < 0.2)
    method_source (0.8.2)
    mime-types (2.4.3)
    mini_portile (0.6.2)
    minitest (5.5.1)
    multi_json (1.10.1)
    mysql2 (0.3.17)
    net-http-digest_auth (1.4)
    net-http-persistent (2.9.4)
    niceogiri (1.1.2)
      nokogiri (~> 1.5)
    nio4r (1.1.0)
    nokogiri (1.6.6.2)
      mini_portile (~> 0.6.0)
    ntlm-http (0.1.1)
    pry (0.10.1)
      coderay (~> 1.1.0)
      method_source (~> 0.8.1)
      slop (~> 3.4)
    punchblock (2.6.0)
      activesupport (>= 3.0.0, < 5.0.0)
      blather (~> 1.0)
      celluloid (~> 0.15.2)
      future-resource (~> 1.0)
      has-guarded-handlers (~> 1.5)
      nokogiri (~> 1.5, >= 1.5.6)
      ruby_ami (~> 2.2)
      ruby_fs (~> 1.1)
      ruby_jid (~> 1.0)
      ruby_speech (~> 2.3)
      state_machine (~> 1.0)
      virtus (~> 1.0)
    rack (1.6.0)
    rack-protection (1.5.3)
      rack
    rake (10.4.2)
    reel (0.5.0)
      celluloid (>= 0.15.1)
      celluloid-io (>= 0.15.0)
      http (>= 0.6.0.pre)
      http_parser.rb (>= 0.6.0)
      websocket_parser (>= 0.1.6)
    reel-rack (0.2.1)
      rack (>= 1.4.0)
      reel (>= 0.5.0)
    rspec (3.2.0)
      rspec-core (~> 3.2.0)
      rspec-expectations (~> 3.2.0)
      rspec-mocks (~> 3.2.0)
    rspec-core (3.2.0)
      rspec-support (~> 3.2.0)
    rspec-expectations (3.2.0)
      diff-lcs (>= 1.2.0, < 2.0)
      rspec-support (~> 3.2.0)
    rspec-mocks (3.2.0)
      diff-lcs (>= 1.2.0, < 2.0)
      rspec-support (~> 3.2.0)
    rspec-support (3.2.1)
    rubinius-actor (0.0.2)
      rubinius-core-api
    rubinius-core-api (0.0.1)
    ruby_ami (2.2.1)
      celluloid-io (~> 0.13)
    ruby_fs (1.1.1)
      celluloid-io (~> 0.13)
    ruby_jid (1.0.0)
    ruby_speech (2.3.2)
      activesupport (>= 3.0.7, < 5.0.0)
      nokogiri (~> 1.6)
    rufus-scheduler (3.0.9)
      tzinfo
    sinatra (1.4.5)
      rack (~> 1.4)
      rack-protection (~> 1.4)
      tilt (~> 1.3, >= 1.3.4)
    slop (3.6.0)
    state_machine (1.2.0)
    thor (0.18.1)
    thread_safe (0.3.4)
    tilt (1.4.1)
    timers (1.1.0)
    tzinfo (1.2.2)
      thread_safe (~> 0.1)
    unf (0.1.4)
      unf_ext
    unf_ext (0.0.6)
    virginia (0.3.0)
      activesupport (>= 3.0)
      adhearsion (~> 2.4)
      reel (~> 0.5.0)
      reel-rack
    virtus (1.0.4)
      axiom-types (~> 0.1)
      coercible (~> 1.0)
      descendants_tracker (~> 0.0, >= 0.0.3)
      equalizer (~> 0.0, >= 0.0.9)
    webrobots (0.1.1)
    websocket_parser (1.0.0)

PLATFORMS
  ruby

DEPENDENCIES
  adhearsion (~> 2.6)
  adhearsion-activerecord (~> 0.1.0)
  adhearsion-asr
  adhearsion-asterisk
  adhearsion-drb
  google_tts_plugin!
  mysql2 (~> 0.3.17)
  punchblock (~> 2.6)
  rspec
  rufus-scheduler
  sinatra
  virginia
